GIT
  remote: https://github.com/rofreg/gtfs-realtime.git
  revision: 1c1ae890953c236d9631797a5fe74aea5e2eb214
  branch: master
  specs:
    gtfs-realtime (0.2.3)
      gtfs
      gtfs-realtime-bindings
      sequel

GEM
  remote: https://rubygems.org/
  specs:
    activesupport (5.0.0.1)
      concurrent-ruby (~> 1.0, >= 1.0.2)
      i18n (~> 0.7)
      minitest (~> 5.1)
      tzinfo (~> 1.1)
    concurrent-ruby (1.0.2)
    daemons (1.2.4)
    dotenv (2.1.1)
    eventmachine (1.2.1)
    ffi (1.9.10)
    gtfs (0.2.5)
      multi_json
      rake
      rubyzip (~> 1.1)
    gtfs-realtime-bindings (0.0.5)
      protobuf (>= 3.0)
    i18n (0.7.0)
    json (1.8.3)
    listen (3.1.5)
      rb-fsevent (~> 0.9, >= 0.9.4)
      rb-inotify (~> 0.9, >= 0.9.7)
      ruby_dep (~> 1.2)
    middleware (0.1.0)
    minitest (5.9.1)
    multi_json (1.12.1)
    mysql2 (0.4.5)
    protobuf (3.6.12)
      activesupport (>= 3.2)
      middleware
      thor
      thread_safe
    rack (1.6.5)
    rack-protection (1.5.3)
      rack
    rack-ssl (1.4.1)
      rack
    rake (11.3.0)
    rb-fsevent (0.9.7)
    rb-inotify (0.9.7)
      ffi (>= 0.5.0)
    rerun (0.11.0)
      listen (~> 3.0)
    rollbar (2.13.3)
      multi_json
    ruby_dep (1.4.0)
    rubyzip (1.2.0)
    sequel (4.40.0)
    sinatra (1.4.7)
      rack (~> 1.5)
      rack-protection (~> 1.4)
      tilt (>= 1.3, < 3)
    sqlite3 (1.3.12)
    thin (1.7.0)
      daemons (~> 1.0, >= 1.0.9)
      eventmachine (~> 1.0, >= 1.0.4)
      rack (>= 1, < 3)
    thor (0.19.2)
    thread_safe (0.3.5)
    tilt (2.0.5)
    tzinfo (1.2.2)
      thread_safe (~> 0.1)

PLATFORMS
  ruby

DEPENDENCIES
  dotenv
  gtfs-realtime!
  json
  mysql2
  rack-ssl
  rerun
  rollbar
  sinatra
  sqlite3
  thin

RUBY VERSION
   ruby 2.3.2p217

BUNDLED WITH
   1.13.6
